GIT
  remote: https://github.com/devwout/filterkit
  revision: 8f7c97791a5b9651695df1f25482283c61aac417
  specs:
    filterkit (0.0.1)
      activerecord (~> 2.3.5)
      arel-compat (~> 0.4.0)

GEM
  remote: http://rubygems.org/
  specs:
    activerecord (2.3.5)
      activesupport (= 2.3.5)
    activesupport (2.3.5)
    arel-compat (0.4.0)
      activerecord (~> 2.3.4)
      activesupport (~> 2.3.4)
    mysql (2.8.1)
    rspec (1.2.9)

PLATFORMS
  ruby

DEPENDENCIES
  activerecord (= 2.3.5)
  arel-compat (= 0.4.0)
  filterkit!
  mysql (= 2.8.1)
  rspec (~> 1.2.9)
